PATH
  remote: .
  specs:
    mudanza (0.1.0)
      colorize
      roo

GEM
  remote: https://rubygems.org/
  specs:
    colorize (0.8.1)
    mini_portile2 (2.4.0)
    minitest (5.14.0)
    nokogiri (1.10.10)
      mini_portile2 (~> 2.4.0)
    rake (12.3.3)
    roo (2.8.3)
      nokogiri (~> 1)
      rubyzip (>= 1.3.0, < 3.0.0)
    rubyzip (2.2.0)

PLATFORMS
  ruby

DEPENDENCIES
  minitest (~> 5.0)
  mudanza!
  rake (~> 12.0)

BUNDLED WITH
   2.1.4
