PATH
  remote: .
  specs:
    mudanza (0.1.0)
      colorize
      roo

GEM
  remote: https://rubygems.org/
  specs:
    colorize (0.8.1)
    mini_portile2 (2.8.8)
    minitest (5.15.0)
    nokogiri (1.18.7)
      mini_portile2 (~> 2.8.2)
      racc (~> 1.4)
    racc (1.8.1)
    rake (13.2.1)
    roo (2.8.3)
      nokogiri (~> 1)
      rubyzip (>= 1.3.0, < 3.0.0)
    rubyzip (2.2.0)

PLATFORMS
  ruby

DEPENDENCIES
  minitest (~> 5.15)
  mudanza!
  rake (~> 13.2)

BUNDLED WITH
   2.5.11
